GEM
  remote: https://rubygems.org/
  specs:
    crass (1.0.6)
    diff-lcs (1.5.0)
    eventmachine (1.2.7)
    feedjira (3.2.1)
      loofah (>= 2.3.1)
      sax-machine (>= 1.0)
    himekuri (0.1.8)
    httparty (0.20.0)
      mime-types (~> 3.0)
      multi_xml (>= 0.5.2)
    loofah (2.18.0)
      crass (~> 1.0.2)
      nokogiri (>= 1.5.9)
    mime-types (3.4.1)
      mime-types-data (~> 3.2015)
    mime-types-data (3.2022.0105)
    multi_json (1.15.0)
    multi_xml (0.6.0)
    mustermann (2.0.2)
      ruby2_keywords (~> 0.0.1)
    nio4r (2.5.8)
    nokogiri (1.13.8-x64-mingw-ucrt)
      racc (~> 1.4)
    psych (4.0.4)
      stringio
    puma (5.6.5)
      nio4r (~> 2.0)
    racc (1.6.0)
    rack (2.2.4)
    rack-protection (2.2.2)
      rack
    rack-test (2.0.2)
      rack (>= 1.3)
    rake (13.0.6)
    rdoc (6.4.0)
      psych (>= 4.0.0)
    rspec (3.11.0)
      rspec-core (~> 3.11.0)
      rspec-expectations (~> 3.11.0)
      rspec-mocks (~> 3.11.0)
    rspec-core (3.11.0)
      rspec-support (~> 3.11.0)
    rspec-expectations (3.11.0)
      diff-lcs (>= 1.2.0, < 2.0)
      rspec-support (~> 3.11.0)
    rspec-mocks (3.11.1)
      diff-lcs (>= 1.2.0, < 2.0)
      rspec-support (~> 3.11.0)
    rspec-support (3.11.0)
    ruby2_keywords (0.0.5)
    sax-machine (1.3.2)
    sinatra (2.2.2)
      mustermann (~> 2.0)
      rack (~> 2.2)
      rack-protection (= 2.2.2)
      tilt (~> 2.0)
    sinatra-contrib (2.2.2)
      multi_json
      mustermann (~> 2.0)
      rack-protection (= 2.2.2)
      sinatra (= 2.2.2)
      tilt (~> 2.0)
    stringio (3.0.2)
    tilt (2.0.11)

PLATFORMS
  x64-mingw-ucrt

DEPENDENCIES
  bundler
  eventmachine
  feedjira
  himekuri
  httparty
  nokogiri
  puma
  rack
  rack-protection
  rack-test
  rake
  rdoc
  rspec
  sinatra
  sinatra-contrib

RUBY VERSION
   ruby 3.1.2p20

BUNDLED WITH
   2.3.7
